GEM
  remote: http://rubygems.org/
  specs:
    POpen4 (0.1.4)
      Platform (>= 0.4.0)
      open4
    Platform (0.4.0)
    daemons (1.1.5)
    eventmachine (0.12.10)
    jammit (0.6.5)
      yui-compressor (>= 0.9.3)
    open4 (1.3.0)
    rack (1.4.0)
    rake (0.9.2.2)
    thin (1.3.1)
      daemons (>= 1.0.9)
      eventmachine (>= 0.12.6)
      rack (>= 1.0.0)
    yui-compressor (0.9.6)
      POpen4 (>= 0.1.4)

PLATFORMS
  ruby

DEPENDENCIES
  jammit
  rake
  thin
